NUGET
  remote: https://nuget.org/api/v2
  specs:
    Microsoft.PowerShell.5.ReferenceAssemblies (1.0.0)
